GEM
  remote: https://rubygems.org/
  specs:
    activesupport (6.0.0.rc1)
      concurrent-ruby (~> 1.0, >= 1.0.2)
      i18n (>= 0.7, < 2)
      minitest (~> 5.1)
      tzinfo (~> 1.1)
      zeitwerk (~> 2.1, >= 2.1.4)
    concurrent-ruby (1.1.5)
    i18n (1.6.0)
      concurrent-ruby (~> 1.0)
    minitest (5.11.3)
    simple-hash (1.1.1)
      activesupport (~> 6.0.0beta3)
    thread_safe (0.3.6)
    tzinfo (1.2.5)
      thread_safe (~> 0.1)
    zeitwerk (2.1.6)

PLATFORMS
  ruby

DEPENDENCIES
  simple-hash

BUNDLED WITH
   2.0.1
