GEM
  remote: https://rubygems.org/
  specs:
    activesupport (6.0.0.rc1)
      concurrent-ruby (~> 1.0, >= 1.0.2)
      i18n (>= 0.7, < 2)
      minitest (~> 5.1)
      tzinfo (~> 1.1)
      zeitwerk (~> 2.1, >= 2.1.4)
    binding_of_caller (0.8.0)
      debug_inspector (>= 0.0.1)
    concurrent-ruby (1.1.5)
    debug_inspector (0.0.3)
    i18n (1.6.0)
      concurrent-ruby (~> 1.0)
    method_source (0.9.2)
    minitest (5.11.3)
    power_assert (1.1.4)
    simple-hash (1.1.1)
      activesupport (~> 6.0.0beta3)
    test-unit (3.3.3)
      power_assert
    thread_safe (0.3.6)
    tzinfo (1.2.5)
      thread_safe (~> 0.1)
    zeitwerk (2.1.6)

PLATFORMS
  ruby

DEPENDENCIES
  binding_of_caller
  method_source
  simple-hash
  test-unit

BUNDLED WITH
   2.0.1
